PATH
  remote: .
  specs:
    dispel (0.0.8)
      curses

GEM
  remote: https://rubygems.org/
  specs:
    bump (0.6.0)
    curses (1.2.4)
    diff-lcs (1.3)
    rake (12.3.1)
    rspec (2.99.0)
      rspec-core (~> 2.99.0)
      rspec-expectations (~> 2.99.0)
      rspec-mocks (~> 2.99.0)
    rspec-core (2.99.2)
    rspec-expectations (2.99.2)
      diff-lcs (>= 1.1.3, < 2.0)
    rspec-mocks (2.99.4)

PLATFORMS
  ruby

DEPENDENCIES
  bump
  dispel!
  rake
  rspec (~> 2)

BUNDLED WITH
   1.16.1
